GIT
  remote: https://github.com/dashingrocket/simplecov-cobertura
  revision: b72eacdeab8b055533debc6fd150cb977db0ca3e
  branch: main
  specs:
    simplecov-cobertura (2.1.1.pre.dev)
      rexml
      simplecov (~> 0.19)

GIT
  remote: https://github.com/pboling/appraisal
  revision: a3a3e4b7db67d9b085f96b2ffddd2b51bd8a1196
  branch: galtzo
  specs:
    appraisal (3.0.0.rc1)
      bundler (>= 1.17.3)
      rake (>= 10)
      thor (>= 0.14)

GIT
  remote: https://github.com/pboling/yard-junk
  revision: 54ccebabbfa9a9cd44d0b991687ebbfd22c32b55
  branch: next
  specs:
    yard-junk (0.0.10)
      backports (>= 3.18)
      benchmark
      ostruct
      rainbow
      yard

PATH
  remote: .
  specs:
    ruby-openid2 (3.1.0)
      version_gem (~> 1.1, >= 1.1.4)

GEM
  remote: https://rubygems.org/
  specs:
    ansi (1.5.0)
    backports (3.25.1)
    benchmark (0.4.1)
    date (3.4.1)
    debug (1.11.0)
      irb (~> 1.10)
      reline (>= 0.3.8)
    docile (1.4.1)
    erb (5.0.1)
    io-console (0.8.0)
    irb (1.15.2)
      pp (>= 0.6.0)
      rdoc (>= 4.0.0)
      reline (>= 0.4.2)
    kettle-soup-cover (1.0.9)
      simplecov (~> 0.22)
      simplecov-cobertura (~> 2.1)
      simplecov-console (~> 0.9, >= 0.9.1)
      simplecov-html (~> 0.12)
      simplecov-lcov (~> 0.8)
      simplecov-rcov (~> 0.3, >= 0.3.3)
      simplecov_json_formatter (~> 0.1, >= 0.1.4)
      version_gem (~> 1.1, >= 1.1.7)
    kramdown (2.5.1)
      rexml (>= 3.3.9)
    kramdown-parser-gfm (1.1.0)
      kramdown (~> 2.0)
    logger (1.7.0)
    minitest (5.25.5)
    net-http (0.6.0)
      uri
    nokogiri (1.18.8-x86_64-linux-gnu)
      racc (~> 1.4)
    ostruct (0.6.2)
    pp (0.6.2)
      prettyprint
    prettyprint (0.2.0)
    psych (5.2.6)
      date
      stringio
    racc (1.8.1)
    rainbow (3.1.1)
    rake (13.3.0)
    rdoc (6.14.1)
      erb
      psych (>= 4.0.0)
    reline (0.6.1)
      io-console (~> 0.5)
    require_bench (1.0.4)
      version_gem (>= 1.1.3, < 4)
    rexml (3.4.1)
    simplecov (0.22.0)
      docile (~> 1.1)
      simplecov-html (~> 0.11)
      simplecov_json_formatter (~> 0.1)
    simplecov-console (0.9.3)
      ansi
      simplecov
      terminal-table
    simplecov-html (0.13.1)
    simplecov-lcov (0.8.0)
    simplecov-rcov (0.3.7)
      simplecov (>= 0.4.1)
    simplecov_json_formatter (0.1.4)
    stone_checksums (1.0.0)
      version_gem (>= 1.1.5, < 3)
    stringio (3.1.7)
    terminal-table (4.0.0)
      unicode-display_width (>= 1.1.1, < 4)
    thor (1.3.2)
    unicode-display_width (3.1.4)
      unicode-emoji (~> 4.0, >= 4.0.4)
    unicode-emoji (4.0.4)
    uri (1.0.3)
    version_gem (1.1.8)
    webrick (1.9.1)
    yard (0.9.37)
    yard-relative_markdown_links (0.5.0)
      nokogiri (>= 1.14.3, < 2)

PLATFORMS
  x86_64-linux

DEPENDENCIES
  appraisal!
  debug (~> 1.11)
  irb (~> 1.15, >= 1.15.2)
  kettle-soup-cover (~> 1.0, >= 1.0.9)
  kramdown (~> 2.5, >= 2.5.1)
  kramdown-parser-gfm (~> 1.1)
  logger (~> 1.7)
  minitest (>= 5, < 6)
  net-http (~> 0.6.0)
  rake (~> 13.0)
  rdoc (~> 6.11)
  require_bench (~> 1.0, >= 1.0.4)
  rexml (~> 3.4.1)
  ruby-openid2!
  simplecov-cobertura!
  stone_checksums (~> 1.0)
  uri (~> 1.0, >= 1.0.3)
  webrick (~> 1.8)
  yard (~> 0.9, >= 0.9.37)
  yard-junk (~> 0.0, >= 0.0.10)!
  yard-relative_markdown_links (~> 0.5.0)

BUNDLED WITH
   2.6.9
