GIT
  remote: https://github.com/appraisal-rb/appraisal2
  revision: 499a56ddcd75b413ed4b536ab8c0b6db47afa907
  branch: main
  specs:
    appraisal2 (3.0.0)
      bundler (>= 1.17.3)
      rake (>= 10)
      thor (>= 0.14)

GIT
  remote: https://github.com/pboling/yard-junk
  revision: 54ccebabbfa9a9cd44d0b991687ebbfd22c32b55
  branch: next
  specs:
    yard-junk (0.0.10)
      backports (>= 3.18)
      benchmark
      ostruct
      rainbow
      yard

PATH
  remote: .
  specs:
    ruby-openid2 (3.1.0)
      version_gem (~> 1.1, >= 1.1.4)

GEM
  remote: https://rubygems.org/
  specs:
    ansi (1.5.0)
    ast (2.4.3)
    backports (3.25.1)
    benchmark (0.4.1)
    bigdecimal (3.2.2)
    bundler-audit (0.9.2)
      bundler (>= 1.2.0, < 3)
      thor (~> 1.0)
    cgi (0.5.0)
    concurrent-ruby (1.3.5)
    date (3.4.1)
    debug (1.11.0)
      irb (~> 1.10)
      reline (>= 0.3.8)
    diff-lcs (1.6.2)
    diffy (3.4.4)
    docile (1.4.1)
    dry-configurable (1.3.0)
      dry-core (~> 1.1)
      zeitwerk (~> 2.6)
    dry-core (1.1.0)
      concurrent-ruby (~> 1.0)
      logger
      zeitwerk (~> 2.6)
    dry-inflector (1.2.0)
    dry-initializer (3.2.0)
    dry-logic (1.6.0)
      bigdecimal
      concurrent-ruby (~> 1.0)
      dry-core (~> 1.1)
      zeitwerk (~> 2.6)
    dry-schema (1.14.1)
      concurrent-ruby (~> 1.0)
      dry-configurable (~> 1.0, >= 1.0.1)
      dry-core (~> 1.1)
      dry-initializer (~> 3.2)
      dry-logic (~> 1.5)
      dry-types (~> 1.8)
      zeitwerk (~> 2.6)
    dry-types (1.8.3)
      bigdecimal (~> 3.0)
      concurrent-ruby (~> 1.0)
      dry-core (~> 1.0)
      dry-inflector (~> 1.0)
      dry-logic (~> 1.4)
      zeitwerk (~> 2.6)
    erb (5.0.1)
    io-console (0.8.0)
    irb (1.15.2)
      pp (>= 0.6.0)
      rdoc (>= 4.0.0)
      reline (>= 0.4.2)
    json (2.12.2)
    kettle-soup-cover (1.0.9)
      simplecov (~> 0.22)
      simplecov-cobertura (~> 2.1)
      simplecov-console (~> 0.9, >= 0.9.1)
      simplecov-html (~> 0.12)
      simplecov-lcov (~> 0.8)
      simplecov-rcov (~> 0.3, >= 0.3.3)
      simplecov_json_formatter (~> 0.1, >= 0.1.4)
      version_gem (~> 1.1, >= 1.1.7)
    kramdown (2.5.1)
      rexml (>= 3.3.9)
    kramdown-parser-gfm (1.1.0)
      kramdown (~> 2.0)
    language_server-protocol (3.17.0.5)
    lint_roller (1.1.0)
    logger (1.7.0)
    minitest (5.25.5)
    net-http (0.6.0)
      uri
    nokogiri (1.18.8-x86_64-linux-gnu)
      racc (~> 1.4)
    ostruct (0.6.2)
    parallel (1.27.0)
    parser (3.3.8.0)
      ast (~> 2.4.1)
      racc
    pp (0.6.2)
      prettyprint
    prettyprint (0.2.0)
    prism (1.4.0)
    psych (5.2.6)
      date
      stringio
    racc (1.8.1)
    rainbow (3.1.1)
    rake (13.3.0)
    rdoc (6.14.2)
      erb
      psych (>= 4.0.0)
    reek (6.5.0)
      dry-schema (~> 1.13)
      logger (~> 1.6)
      parser (~> 3.3.0)
      rainbow (>= 2.0, < 4.0)
      rexml (~> 3.1)
    regexp_parser (2.10.0)
    reline (0.6.1)
      io-console (~> 0.5)
    require_bench (1.0.4)
      version_gem (>= 1.1.3, < 4)
    rexml (3.4.1)
    rspec-block_is_expected (1.0.6)
    rubocop (1.75.8)
      json (~> 2.3)
      language_server-protocol (~> 3.17.0.2)
      lint_roller (~> 1.1.0)
      parallel (~> 1.10)
      parser (>= 3.3.0.2)
      rainbow (>= 2.2.2, < 4.0)
      regexp_parser (>= 2.9.3, < 3.0)
      rubocop-ast (>= 1.44.0, < 2.0)
      ruby-progressbar (~> 1.7)
      unicode-display_width (>= 2.4.0, < 4.0)
    rubocop-ast (1.45.1)
      parser (>= 3.3.7.2)
      prism (~> 1.4)
    rubocop-gradual (0.3.6)
      diff-lcs (>= 1.2.0, < 2.0)
      diffy (~> 3.0)
      parallel (~> 1.10)
      rainbow (>= 2.2.2, < 4.0)
      rubocop (~> 1.0)
    rubocop-lts (18.2.1)
      rubocop-ruby2_7 (>= 2.0.4, < 3)
      standard-rubocop-lts (>= 1.0.3, < 3)
      version_gem (>= 1.1.2, < 3)
    rubocop-md (1.2.4)
      rubocop (>= 1.45)
    rubocop-minitest (0.38.1)
      lint_roller (~> 1.1)
      rubocop (>= 1.75.0, < 2.0)
      rubocop-ast (>= 1.38.0, < 2.0)
    rubocop-packaging (0.6.0)
      lint_roller (~> 1.1.0)
      rubocop (>= 1.72.1, < 2.0)
    rubocop-performance (1.25.0)
      lint_roller (~> 1.1)
      rubocop (>= 1.75.0, < 2.0)
      rubocop-ast (>= 1.38.0, < 2.0)
    rubocop-rake (0.7.1)
      lint_roller (~> 1.1)
      rubocop (>= 1.72.1)
    rubocop-ruby2_7 (2.0.6)
      rubocop-gradual (~> 0.3, >= 0.3.1)
      rubocop-md (~> 1.2)
      rubocop-rake (~> 0.6)
      rubocop-shopify (~> 2.14)
      rubocop-thread_safety (~> 0.5, >= 0.5.1)
      standard-rubocop-lts (~> 1.0, >= 1.0.7)
      version_gem (>= 1.1.3, < 3)
    rubocop-shopify (2.17.1)
      rubocop (~> 1.62)
    rubocop-thread_safety (0.7.3)
      lint_roller (~> 1.1)
      rubocop (~> 1.72, >= 1.72.1)
      rubocop-ast (>= 1.44.0, < 2.0)
    ruby-progressbar (1.13.0)
    simplecov (0.22.0)
      docile (~> 1.1)
      simplecov-html (~> 0.11)
      simplecov_json_formatter (~> 0.1)
    simplecov-cobertura (2.1.0)
      rexml
      simplecov (~> 0.19)
    simplecov-console (0.9.3)
      ansi
      simplecov
      terminal-table
    simplecov-html (0.13.1)
    simplecov-lcov (0.8.0)
    simplecov-rcov (0.3.7)
      simplecov (>= 0.4.1)
    simplecov_json_formatter (0.1.4)
    standard (1.50.0)
      language_server-protocol (~> 3.17.0.2)
      lint_roller (~> 1.0)
      rubocop (~> 1.75.5)
      standard-custom (~> 1.0.0)
      standard-performance (~> 1.8)
    standard-custom (1.0.2)
      lint_roller (~> 1.0)
      rubocop (~> 1.50)
    standard-performance (1.8.0)
      lint_roller (~> 1.1)
      rubocop-performance (~> 1.25.0)
    standard-rubocop-lts (1.0.10)
      rspec-block_is_expected (~> 1.0, >= 1.0.5)
      standard (>= 1.35.1, < 2)
      standard-custom (>= 1.0.2, < 2)
      standard-performance (>= 1.3.1, < 2)
      version_gem (>= 1.1.4, < 3)
    stone_checksums (1.0.0)
      version_gem (>= 1.1.5, < 3)
    stringio (3.1.7)
    terminal-table (4.0.0)
      unicode-display_width (>= 1.1.1, < 4)
    thor (1.3.2)
    unicode-display_width (3.1.4)
      unicode-emoji (~> 4.0, >= 4.0.4)
    unicode-emoji (4.0.4)
    uri (1.0.3)
    version_gem (1.1.8)
    webrick (1.9.1)
    yard (0.9.37)
    yard-relative_markdown_links (0.5.0)
      nokogiri (>= 1.14.3, < 2)
    zeitwerk (2.7.3)

PLATFORMS
  x86_64-linux

DEPENDENCIES
  appraisal2!
  benchmark (~> 0.4)
  bundler-audit (~> 0.9.2)
  cgi (~> 0.5.0)
  debug (~> 1.11)
  irb (~> 1.15, >= 1.15.2)
  kettle-soup-cover (~> 1.0, >= 1.0.9)
  kramdown (~> 2.5, >= 2.5.1)
  kramdown-parser-gfm (~> 1.1)
  logger (~> 1.7)
  minitest (>= 5, < 6)
  net-http (~> 0.6.0)
  rake (~> 13.0)
  rdoc (~> 6.11)
  reek (~> 6.4)
  require_bench (~> 1.0, >= 1.0.4)
  rexml (~> 3.4.1)
  rubocop (~> 1.73, >= 1.73.2)
  rubocop-lts (~> 18.2, >= 18.2.1)
  rubocop-minitest (~> 0.36)
  rubocop-packaging (~> 0.6, >= 0.6.0)
  ruby-openid2!
  standard (~> 1.47)
  stone_checksums (~> 1.0)
  uri (~> 1.0, >= 1.0.3)
  webrick (~> 1.8)
  yard (~> 0.9, >= 0.9.37)
  yard-junk (~> 0.0, >= 0.0.10)!
  yard-relative_markdown_links (~> 0.5.0)

BUNDLED WITH
   2.6.9
